PATH
  remote: .
  specs:
    rrd-track (1.0.0)
      nokogiri (~> 1.6)
      typhoeus (~> 0.6)

GEM
  remote: https://rubygems.org/
  specs:
    addressable (2.3.2)
    awesome_print (1.1.0)
    crack (0.4.0)
      safe_yaml (~> 0.9.0)
    diff-lcs (1.2.5)
    ethon (0.6.2)
      ffi (>= 1.3.0)
      mime-types (~> 1.18)
    ffi (1.9.3)
    mime-types (1.25.1)
    mini_portile (0.5.2)
    nokogiri (1.6.1)
      mini_portile (~> 0.5.0)
    rake (10.1.1)
    rspec (2.14.1)
      rspec-core (~> 2.14.0)
      rspec-expectations (~> 2.14.0)
      rspec-mocks (~> 2.14.0)
    rspec-core (2.14.7)
    rspec-expectations (2.14.4)
      diff-lcs (>= 1.1.3, < 2.0)
    rspec-mocks (2.14.4)
    safe_yaml (0.9.3)
    typhoeus (0.6.7)
      ethon (~> 0.6.2)
    webmock (1.9.0)
      addressable (>= 2.2.7)
      crack (>= 0.1.7)

PLATFORMS
  ruby

DEPENDENCIES
  awesome_print
  rrd-track!
  rake
  rspec (~> 2.14)
  webmock
