PATH
  remote: .
  specs:
    rrd-track (1.0.1)
      nokogiri (~> 1.6)
      typhoeus (~> 0.6)

GEM
  remote: https://rubygems.org/
  specs:
    addressable (2.3.5)
    awesome_print (1.2.0)
    crack (0.4.2)
      safe_yaml (~> 1.0.0)
    diff-lcs (1.2.5)
    ethon (0.6.3)
      ffi (>= 1.3.0)
      mime-types (~> 1.18)
    ffi (1.9.3)
    mime-types (1.25.1)
    mini_portile (0.5.2)
    nokogiri (1.6.1)
      mini_portile (~> 0.5.0)
    rake (10.1.1)
    rspec (2.14.1)
      rspec-core (~> 2.14.0)
      rspec-expectations (~> 2.14.0)
      rspec-mocks (~> 2.14.0)
    rspec-core (2.14.7)
    rspec-expectations (2.14.4)
      diff-lcs (>= 1.1.3, < 2.0)
    rspec-mocks (2.14.4)
    safe_yaml (1.0.1)
    typhoeus (0.6.7)
      ethon (~> 0.6.2)
    webmock (1.17.4)
      addressable (>= 2.2.7)
      crack (>= 0.3.2)

PLATFORMS
  ruby

DEPENDENCIES
  awesome_print (~> 1.2)
  rake (~> 10.1)
  rrd-track!
  rspec (~> 2.14)
  webmock (~> 1.17)
